GIT
  remote: https://github.com/zeero/ruboty-gen
  revision: 65e59fceb9eedd7f461db5fb6e124182ef0a271d
  specs:
    ruboty-gen (1.2.1)
      bundler (~> 1.7)
      ruboty

PATH
  remote: ruboty-study
  specs:
    ruboty-study (0.1.0)
      ruboty

GEM
  remote: https://rubygems.org/
  specs:
    activesupport (6.0.3.2)
      concurrent-ruby (~> 1.0, >= 1.0.2)
      i18n (>= 0.7, < 2)
      minitest (~> 5.1)
      tzinfo (~> 1.1)
      zeitwerk (~> 2.2, >= 2.2.2)
    concurrent-ruby (1.1.7)
    dotenv (2.7.6)
    event_emitter (0.2.6)
    eventmachine (1.2.7)
    faraday (0.17.3)
      multipart-post (>= 1.2, < 3)
    faraday_middleware (0.10.1)
      faraday (>= 0.7.4, < 1.0)
    faye-websocket (0.10.9)
      eventmachine (>= 0.12.0)
      websocket-driver (>= 0.5.1)
    i18n (1.8.5)
      concurrent-ruby (~> 1.0)
    mem (0.1.5)
    minitest (5.14.1)
    multi_json (1.15.0)
    multipart-post (2.1.1)
    ruboty (1.3.1)
      activesupport
      bundler
      dotenv
      mem
      slop
    ruboty-slack_rtm (3.2.1)
      faraday (~> 0.11)
      ruboty (>= 1.1.4)
      slack-api (~> 1.6)
      websocket-client-simple (~> 0.3.0)
    slack-api (1.6.1)
      faraday (~> 0.11)
      faraday_middleware (~> 0.10.0)
      faye-websocket (~> 0.10.6)
      multi_json (~> 1.0, >= 1.0.3)
    slop (4.8.2)
    thread_safe (0.3.6)
    tzinfo (1.2.7)
      thread_safe (~> 0.1)
    websocket (1.2.8)
    websocket-client-simple (0.3.0)
      event_emitter
      websocket
    websocket-driver (0.7.3)
      websocket-extensions (>= 0.1.0)
    websocket-extensions (0.1.5)
    zeitwerk (2.4.0)

PLATFORMS
  ruby

DEPENDENCIES
  ruboty-gen!
  ruboty-slack_rtm
  ruboty-study!

BUNDLED WITH
   1.17.2
