GIT
  remote: https://github.com/zeero/ruboty-gen
  revision: d7f485963d0cd24a8062194f589735f667cea40d
  ref: d7f4859
  specs:
    ruboty-gen (1.2.1)
      bundler
      ruboty

GEM
  remote: https://rubygems.org/
  specs:
    activesupport (6.1.1)
      concurrent-ruby (~> 1.0, >= 1.0.2)
      i18n (>= 1.6, < 2)
      minitest (>= 5.1)
      tzinfo (~> 2.0)
      zeitwerk (~> 2.3)
    concurrent-ruby (1.1.8)
    dotenv (2.7.6)
    i18n (1.8.7)
      concurrent-ruby (~> 1.0)
    mem (0.1.5)
    minitest (5.14.3)
    ruboty (1.3.1)
      activesupport
      bundler
      dotenv
      mem
      slop
    slop (4.8.2)
    tzinfo (2.0.4)
      concurrent-ruby (~> 1.0)
    zeitwerk (2.4.2)

PLATFORMS
  ruby

DEPENDENCIES
  ruboty-gen!

BUNDLED WITH
   1.17.2
