GIT
  remote: https://github.com/zeero/ruboty-gen
  revision: 65e59fceb9eedd7f461db5fb6e124182ef0a271d
  specs:
    ruboty-gen (1.2.1)
      bundler (~> 1.7)
      ruboty

GEM
  remote: https://rubygems.org/
  specs:
    activesupport (6.0.3.2)
      concurrent-ruby (~> 1.0, >= 1.0.2)
      i18n (>= 0.7, < 2)
      minitest (~> 5.1)
      tzinfo (~> 1.1)
      zeitwerk (~> 2.2, >= 2.2.2)
    concurrent-ruby (1.1.7)
    dotenv (2.7.6)
    i18n (1.8.5)
      concurrent-ruby (~> 1.0)
    mem (0.1.5)
    minitest (5.14.1)
    ruboty (1.3.1)
      activesupport
      bundler
      dotenv
      mem
      slop
    slop (4.8.2)
    thread_safe (0.3.6)
    tzinfo (1.2.7)
      thread_safe (~> 0.1)
    zeitwerk (2.4.0)

PLATFORMS
  ruby

DEPENDENCIES
  ruboty-gen!

BUNDLED WITH
   1.17.2
